GEM
  remote: http://rubygems.org/
  specs:
    bio (1.4.2)
    git (1.2.5)
    jeweler (1.6.4)
      bundler (~> 1.0)
      git (>= 1.2.5)
      rake
    rake (0.9.2.2)
    rcov (0.9.11)
    shoulda (2.11.3)

PLATFORMS
  ruby

DEPENDENCIES
  bio
  bundler (~> 1.1.rc)
  jeweler (~> 1.6.4)
  rcov
  shoulda
